GEM
  remote: http://rubygems.org/
  specs:
    javaparse (0.0.4)

PLATFORMS
  ruby

DEPENDENCIES
  javaparse
