GEM
  remote: http://rubygems.org/
  specs:
    javaparse (0.0.7)

PLATFORMS
  ruby

DEPENDENCIES
  javaparse
